GEM
  remote: https://rubygems.org/
  specs:
    activesupport (4.1.1)
      i18n (~> 0.6, >= 0.6.9)
      json (~> 1.7, >= 1.7.7)
      minitest (~> 5.1)
      thread_safe (~> 0.1)
      tzinfo (~> 1.1)
    amq-protocol (1.9.2)
    amqp (1.3.0)
      amq-protocol (>= 1.9.2)
      eventmachine
    combi (0.0.9)
      yajl-ruby (~> 1.2.0)
    eventmachine (1.0.3)
    i18n (0.6.9)
    json (1.8.1)
    minitest (5.3.4)
    thread_safe (0.3.4)
    tzinfo (1.2.0)
      thread_safe (~> 0.1)
    yajl-ruby (1.2.0)

PLATFORMS
  ruby

DEPENDENCIES
  activesupport
  amqp
  combi (~> 0.0.9)
  json
